GEM
  remote: https://rubygems.org/
  specs:
    jruby_art (1.0.6)
    rake (11.1.2)

PLATFORMS
  java

DEPENDENCIES
  jruby_art
  rake

RUBY VERSION
   ruby 2.2.3p0 (jruby 9.0.5.0)

BUNDLED WITH
   1.12.0
